GEM
  remote: https://rubygems.org/
  specs:
    geokit (1.8.4)
      multi_json (>= 1.3.2)
    json (1.8.1)
    multi_json (1.9.2)
    mysql2 (0.3.16)
    oauth (0.4.7)
    rack (1.5.1)
    rack-protection (1.5.4)
      rack
    redcarpet (3.1.2)
    shotgun (0.9)
      rack (>= 1.0)
    sinatra (1.4.5)
      rack (~> 1.4)
      rack-protection (~> 1.4)
      tilt (~> 1.3, >= 1.3.4)
    tilt (1.4.1)
    yelpster (1.2.0)
      json (>= 1.1.1)
      oauth (>= 0.4.5)

PLATFORMS
  ruby

DEPENDENCIES
  geokit
  json
  mysql2
  redcarpet
  shotgun
  sinatra
  yelpster
